GEM
  remote: https://rubygems.org/
  specs:
    actioncable (6.0.3.4)
      actionpack (= 6.0.3.4)
      nio4r (~> 2.0)
      websocket-driver (>= 0.6.1)
    actionmailbox (6.0.3.4)
      actionpack (= 6.0.3.4)
      activejob (= 6.0.3.4)
      activerecord (= 6.0.3.4)
      activestorage (= 6.0.3.4)
      activesupport (= 6.0.3.4)
      mail (>= 2.7.1)
    actionmailer (6.0.3.4)
      actionpack (= 6.0.3.4)
      actionview (= 6.0.3.4)
      activejob (= 6.0.3.4)
      mail (~> 2.5, >= 2.5.4)
      rails-dom-testing (~> 2.0)
    actionpack (6.0.3.4)
      actionview (= 6.0.3.4)
      activesupport (= 6.0.3.4)
      rack (~> 2.0, >= 2.0.8)
      rack-test (>= 0.6.3)
      rails-dom-testing (~> 2.0)
      rails-html-sanitizer (~> 1.0, >= 1.2.0)
    actiontext (6.0.3.4)
      actionpack (= 6.0.3.4)
      activerecord (= 6.0.3.4)
      activestorage (= 6.0.3.4)
      activesupport (= 6.0.3.4)
      nokogiri (>= 1.8.5)
    actionview (6.0.3.4)
      activesupport (= 6.0.3.4)
      builder (~> 3.1)
      erubi (~> 1.4)
      rails-dom-testing (~> 2.0)
      rails-html-sanitizer (~> 1.1, >= 1.2.0)
    activejob (6.0.3.4)
      activesupport (= 6.0.3.4)
      globalid (>= 0.3.6)
    activemodel (6.0.3.4)
      activesupport (= 6.0.3.4)
    activerecord (6.0.3.4)
      activemodel (= 6.0.3.4)
      activesupport (= 6.0.3.4)
    activestorage (6.0.3.4)
      actionpack (= 6.0.3.4)
      activejob (= 6.0.3.4)
      activerecord (= 6.0.3.4)
      marcel (~> 0.3.1)
    activesupport (6.0.3.4)
      concurrent-ruby (~> 1.0, >= 1.0.2)
      i18n (>= 0.7, < 2)
      minitest (~> 5.1)
      tzinfo (~> 1.1)
      zeitwerk (~> 2.2, >= 2.2.2)
    addressable (2.7.0)
      public_suffix (>= 2.0.2, < 5.0)
    airbrussh (1.4.0)
      sshkit (>= 1.6.1, != 1.7.0)
    ast (2.4.1)
    autoprefixer-rails (10.1.0.0)
      execjs
    aws-eventstream (1.1.0)
    aws-partitions (1.414.0)
    aws-sdk-core (3.110.0)
      aws-eventstream (~> 1, >= 1.0.2)
      aws-partitions (~> 1, >= 1.239.0)
      aws-sigv4 (~> 1.1)
      jmespath (~> 1.0)
    aws-sdk-kms (1.40.0)
      aws-sdk-core (~> 3, >= 3.109.0)
      aws-sigv4 (~> 1.1)
    aws-sdk-s3 (1.87.0)
      aws-sdk-core (~> 3, >= 3.109.0)
      aws-sdk-kms (~> 1)
      aws-sigv4 (~> 1.1)
    aws-sigv4 (1.2.2)
      aws-eventstream (~> 1, >= 1.0.2)
    backports (3.20.0)
    bcrypt (3.1.16)
    bindex (0.8.1)
    bootsnap (1.5.1)
      msgpack (~> 1.0)
    bootstrap (4.3.1)
      autoprefixer-rails (>= 9.1.0)
      popper_js (>= 1.14.3, < 2)
      sassc-rails (>= 2.0.0)
    brakeman (4.10.1)
    builder (3.2.4)
    bundler-audit (0.7.0.1)
      bundler (>= 1.2.0, < 3)
      thor (>= 0.18, < 2)
    byebug (11.1.3)
    capistrano (3.14.1)
      airbrussh (>= 1.0.0)
      i18n
      rake (>= 10.0.0)
      sshkit (>= 1.9.0)
    capistrano-bundler (2.0.1)
      capistrano (~> 3.1)
    capistrano-rails (1.6.1)
      capistrano (~> 3.1)
      capistrano-bundler (>= 1.1, < 3)
    capistrano-rails-console (2.3.0)
      capistrano (>= 3.5.0, < 4.0.0)
      sshkit-interactive (~> 0.3.0)
    capistrano-rvm (0.1.2)
      capistrano (~> 3.0)
      sshkit (~> 1.2)
    capybara (3.34.0)
      addressable
      mini_mime (>= 0.1.3)
      nokogiri (~> 1.8)
      rack (>= 1.6.0)
      rack-test (>= 0.6.3)
      regexp_parser (~> 1.5)
      xpath (~> 3.2)
    capybara-screenshot (1.0.25)
      capybara (>= 1.0, < 4)
      launchy
    childprocess (3.0.0)
    choice (0.2.0)
    coderay (1.1.3)
    concurrent-ruby (1.1.7)
    connection_pool (2.2.3)
    coveralls (0.7.1)
      multi_json (~> 1.3)
      rest-client
      simplecov (>= 0.7)
      term-ansicolor
      thor
    crack (0.4.5)
      rexml
    crass (1.0.6)
    cucumber (3.2.0)
      builder (>= 2.1.2)
      cucumber-core (~> 3.2.0)
      cucumber-expressions (~> 6.0.1)
      cucumber-wire (~> 0.0.1)
      diff-lcs (~> 1.3)
      gherkin (~> 5.1.0)
      multi_json (>= 1.7.5, < 2.0)
      multi_test (>= 0.1.2)
    cucumber-core (3.2.1)
      backports (>= 3.8.0)
      cucumber-tag_expressions (~> 1.1.0)
      gherkin (~> 5.0)
    cucumber-expressions (6.0.1)
    cucumber-rails (1.8.0)
      capybara (>= 2.12, < 4)
      cucumber (>= 3.0.2, < 4)
      mime-types (>= 2.0, < 4)
      nokogiri (~> 1.8)
      railties (>= 4.2, < 7)
    cucumber-tag_expressions (1.1.1)
    cucumber-wire (0.0.1)
    database_cleaner (1.8.5)
    devise (4.7.3)
      bcrypt (~> 3.0)
      orm_adapter (~> 0.1)
      railties (>= 4.1.0)
      responders
      warden (~> 1.2.3)
    devise-i18n (1.9.2)
      devise (>= 4.7.1)
    diff-lcs (1.4.4)
    docile (1.3.4)
    domain_name (0.5.20190701)
      unf (>= 0.0.5, < 1.0.0)
    erubi (1.10.0)
    execjs (2.7.0)
    factory_bot (4.11.1)
      activesupport (>= 3.0.0)
    factory_bot_rails (4.11.1)
      factory_bot (~> 4.11.1)
      railties (>= 3.0.0)
    faker (1.9.6)
      i18n (>= 0.7)
    faraday (1.2.0)
      multipart-post (>= 1.2, < 3)
      ruby2_keywords
    ffi (1.14.2)
    font-awesome-sass (5.5.0.1)
      sassc (>= 1.11)
    gherkin (5.1.0)
    globalid (0.4.2)
      activesupport (>= 4.2.0)
    hashdiff (1.0.1)
    hashie (4.1.0)
    http-accept (1.7.0)
    http-cookie (1.0.3)
      domain_name (~> 0.5)
    i18n (1.8.5)
      concurrent-ruby (~> 1.0)
    interactor (3.1.2)
    jaro_winkler (1.5.4)
    jmespath (1.4.0)
    jquery-rails (4.4.0)
      rails-dom-testing (>= 1, < 3)
      railties (>= 4.2.0)
      thor (>= 0.14, < 2.0)
    json (2.5.1)
    jwt (2.2.2)
    kaminari (1.2.1)
      activesupport (>= 4.1.0)
      kaminari-actionview (= 1.2.1)
      kaminari-activerecord (= 1.2.1)
      kaminari-core (= 1.2.1)
    kaminari-actionview (1.2.1)
      actionview
      kaminari-core (= 1.2.1)
    kaminari-activerecord (1.2.1)
      activerecord
      kaminari-core (= 1.2.1)
    kaminari-core (1.2.1)
    launchy (2.5.0)
      addressable (~> 2.7)
    letter_opener (1.7.0)
      launchy (~> 2.2)
    listen (3.1.5)
      rb-fsevent (~> 0.9, >= 0.9.4)
      rb-inotify (~> 0.9, >= 0.9.7)
      ruby_dep (~> 1.2)
    loofah (2.8.0)
      crass (~> 1.0.2)
      nokogiri (>= 1.5.9)
    mail (2.7.1)
      mini_mime (>= 0.1.1)
    marcel (0.3.3)
      mimemagic (~> 0.3.2)
    method_source (1.0.0)
    mime-types (3.3.1)
      mime-types-data (~> 3.2015)
    mime-types-data (3.2020.1104)
    mimemagic (0.3.5)
    mini_mime (1.0.2)
    mini_portile2 (2.4.0)
    minitest (5.14.2)
    msgpack (1.3.3)
    multi_json (1.15.0)
    multi_test (0.1.2)
    multi_xml (0.6.0)
    multipart-post (2.1.1)
    net-scp (3.0.0)
      net-ssh (>= 2.6.5, < 7.0.0)
    net-ssh (6.1.0)
    netrc (0.11.0)
    nio4r (2.5.4)
    nokogiri (1.10.10)
      mini_portile2 (~> 2.4.0)
    oauth2 (1.4.4)
      faraday (>= 0.8, < 2.0)
      jwt (>= 1.0, < 3.0)
      multi_json (~> 1.3)
      multi_xml (~> 0.5)
      rack (>= 1.2, < 3)
    omniauth (1.9.1)
      hashie (>= 3.4.6)
      rack (>= 1.6.2, < 3)
    omniauth-github (1.4.0)
      omniauth (~> 1.5)
      omniauth-oauth2 (>= 1.4.0, < 2.0)
    omniauth-oauth2 (1.7.0)
      oauth2 (~> 1.4)
      omniauth (~> 1.9)
    omniauth-rails_csrf_protection (0.1.2)
      actionpack (>= 4.2)
      omniauth (>= 1.3.1)
    orm_adapter (0.5.0)
    parallel (1.20.1)
    parser (3.0.0.0)
      ast (~> 2.4.1)
    pg (1.2.3)
    popper_js (1.16.0)
    pry (0.13.1)
      coderay (~> 1.1)
      method_source (~> 1.0)
    pry-doc (1.1.0)
      pry (~> 0.11)
      yard (~> 0.9.11)
    pry-rails (0.3.9)
      pry (>= 0.10.4)
    public_suffix (4.0.6)
    puma (4.3.7)
      nio4r (~> 2.0)
    pundit (2.1.0)
      activesupport (>= 3.0.0)
    pundit-matchers (1.6.0)
      rspec-rails (>= 3.0.0)
    rack (2.2.3)
    rack-attack (6.3.1)
      rack (>= 1.0, < 3)
    rack-test (1.1.0)
      rack (>= 1.0, < 3)
    rails (6.0.3.4)
      actioncable (= 6.0.3.4)
      actionmailbox (= 6.0.3.4)
      actionmailer (= 6.0.3.4)
      actionpack (= 6.0.3.4)
      actiontext (= 6.0.3.4)
      actionview (= 6.0.3.4)
      activejob (= 6.0.3.4)
      activemodel (= 6.0.3.4)
      activerecord (= 6.0.3.4)
      activestorage (= 6.0.3.4)
      activesupport (= 6.0.3.4)
      bundler (>= 1.3.0)
      railties (= 6.0.3.4)
      sprockets-rails (>= 2.0.0)
    rails-dom-testing (2.0.3)
      activesupport (>= 4.2.0)
      nokogiri (>= 1.6)
    rails-erd (1.6.0)
      activerecord (>= 4.2)
      activesupport (>= 4.2)
      choice (~> 0.2.0)
      ruby-graphviz (~> 1.2)
    rails-html-sanitizer (1.3.0)
      loofah (~> 2.3)
    rails-i18n (6.0.0)
      i18n (>= 0.7, < 2)
      railties (>= 6.0.0, < 7)
    railties (6.0.3.4)
      actionpack (= 6.0.3.4)
      activesupport (= 6.0.3.4)
      method_source
      rake (>= 0.8.7)
      thor (>= 0.20.3, < 2.0)
    rainbow (3.0.0)
    rake (13.0.3)
    rb-fsevent (0.10.4)
    rb-inotify (0.10.1)
      ffi (~> 1.0)
    recaptcha (5.6.0)
      json
    redis (4.2.5)
    regexp_parser (1.8.2)
    responders (3.0.1)
      actionpack (>= 5.0)
      railties (>= 5.0)
    rest-client (2.1.0)
      http-accept (>= 1.7.0, < 2.0)
      http-cookie (>= 1.0.2, < 2.0)
      mime-types (>= 1.16, < 4.0)
      netrc (~> 0.8)
    rexml (3.2.4)
    rspec-core (3.9.3)
      rspec-support (~> 3.9.3)
    rspec-expectations (3.9.4)
      diff-lcs (>= 1.2.0, < 2.0)
      rspec-support (~> 3.9.0)
    rspec-mocks (3.9.1)
      diff-lcs (>= 1.2.0, < 2.0)
      rspec-support (~> 3.9.0)
    rspec-rails (3.9.1)
      actionpack (>= 3.0)
      activesupport (>= 3.0)
      railties (>= 3.0)
      rspec-core (~> 3.9.0)
      rspec-expectations (~> 3.9.0)
      rspec-mocks (~> 3.9.0)
      rspec-support (~> 3.9.0)
    rspec-support (3.9.4)
    rubocop (0.79.0)
      jaro_winkler (~> 1.5.1)
      parallel (~> 1.10)
      parser (>= 2.7.0.1)
      rainbow (>= 2.2.2, < 4.0)
      ruby-progressbar (~> 1.7)
      unicode-display_width (>= 1.4.0, < 1.7)
    rubocop-performance (1.6.1)
      rubocop (>= 0.71.0)
    rubocop-rails (2.5.2)
      activesupport
      rack (>= 1.1)
      rubocop (>= 0.72.0)
    rubocop-rspec (1.41.0)
      rubocop (>= 0.68.1)
    ruby-graphviz (1.2.5)
      rexml
    ruby-progressbar (1.11.0)
    ruby2_keywords (0.0.2)
    ruby_dep (1.5.0)
    rubyzip (2.3.0)
    sassc (2.4.0)
      ffi (~> 1.9)
    sassc-rails (2.1.2)
      railties (>= 4.0.0)
      sassc (>= 2.0)
      sprockets (> 3.0)
      sprockets-rails
      tilt
    selenium-webdriver (3.142.7)
      childprocess (>= 0.5, < 4.0)
      rubyzip (>= 1.2.2)
    sentry-raven (3.1.1)
      faraday (>= 1.0)
    shoulda-matchers (4.4.1)
      activesupport (>= 4.2.0)
    sidekiq (6.1.2)
      connection_pool (>= 2.2.2)
      rack (~> 2.0)
      redis (>= 4.2.0)
    simple_form (5.0.3)
      actionpack (>= 5.0)
      activemodel (>= 5.0)
    simplecov (0.20.0)
      docile (~> 1.1)
      simplecov-html (~> 0.11)
      simplecov_json_formatter (~> 0.1)
    simplecov-html (0.12.3)
    simplecov_json_formatter (0.1.2)
    spring (2.1.1)
    spring-watcher-listen (2.0.1)
      listen (>= 2.7, < 4.0)
      spring (>= 1.2, < 3.0)
    sprockets (4.0.2)
      concurrent-ruby (~> 1.0)
      rack (> 1, < 3)
    sprockets-rails (3.2.2)
      actionpack (>= 4.0)
      activesupport (>= 4.0)
      sprockets (>= 3.0.0)
    sshkit (1.21.1)
      net-scp (>= 1.1.2)
      net-ssh (>= 2.8.0)
    sshkit-interactive (0.3.0)
      sshkit (~> 1.12)
    sync (0.5.0)
    term-ansicolor (1.7.1)
      tins (~> 1.0)
    thor (1.0.1)
    thread_safe (0.3.6)
    tilt (2.0.10)
    tins (1.26.0)
      sync
    turbolinks (5.2.1)
      turbolinks-source (~> 5.2)
    turbolinks-source (5.2.0)
    tzinfo (1.2.9)
      thread_safe (~> 0.1)
    uglifier (4.2.0)
      execjs (>= 0.3.0, < 3)
    unf (0.1.4)
      unf_ext
    unf_ext (0.0.7.7)
    unicode-display_width (1.6.1)
    warden (1.2.9)
      rack (>= 2.0.9)
    web-console (4.1.0)
      actionview (>= 6.0.0)
      activemodel (>= 6.0.0)
      bindex (>= 0.4.0)
      railties (>= 6.0.0)
    webmock (3.11.0)
      addressable (>= 2.3.6)
      crack (>= 0.3.2)
      hashdiff (>= 0.4.0, < 2.0.0)
    websocket-driver (0.7.3)
      websocket-extensions (>= 0.1.0)
    websocket-extensions (0.1.5)
    xpath (3.2.0)
      nokogiri (~> 1.8)
    yard (0.9.26)
    zeitwerk (2.4.2)

PLATFORMS
  ruby

DEPENDENCIES
  aws-sdk-s3
  bcrypt (~> 3.1)
  bootsnap (>= 1.4.0)
  bootstrap (~> 4.3.1)
  brakeman (~> 4.3)
  bundler-audit (~> 0.6)
  byebug
  capistrano (~> 3.11)
  capistrano-rails (~> 1.4)
  capistrano-rails-console (~> 2.3)
  capistrano-rvm (~> 0.1)
  capybara-screenshot (~> 1.0)
  coveralls
  cucumber-rails (~> 1.7)
  database_cleaner (~> 1.7)
  devise (~> 4.7)
  devise-i18n (~> 1.8)
  factory_bot_rails (~> 4.10)
  faker (~> 1.8)
  font-awesome-sass (~> 5.5.0)
  interactor (~> 3.1)
  jquery-rails (~> 4.3)
  kaminari (~> 1.2, >= 1.2.1)
  letter_opener (~> 1.6)
  listen (>= 3.0.5, < 3.2)
  omniauth (~> 1.9)
  omniauth-github (~> 1.3)
  omniauth-rails_csrf_protection (~> 0.1)
  pg (~> 1.1)
  pry-doc (~> 1.1)
  pry-rails (~> 0.3)
  puma (~> 4.3, >= 4.3.5)
  pundit (~> 2.1)
  pundit-matchers (~> 1.6)
  rack (~> 2.2.0)
  rack-attack (~> 6.1)
  rails (~> 6.0.3, >= 6.0.3.1)
  rails-erd (~> 1.5)
  rails-i18n (~> 6.0.0)
  recaptcha (~> 5.1)
  redis (~> 4.1)
  rest-client (~> 2.1)
  rspec-rails (~> 3.8)
  rubocop (~> 0.79.0)
  rubocop-performance (~> 1.4)
  rubocop-rails (~> 2.2)
  rubocop-rspec (~> 1.36)
  selenium-webdriver (~> 3.14)
  sentry-raven
  shoulda-matchers (~> 4.2)
  sidekiq (~> 6.0)
  simple_form (~> 5.0)
  simplecov (~> 0.16)
  spring
  spring-watcher-listen (~> 2.0.0)
  turbolinks (~> 5.2)
  uglifier (>= 4.0)
  web-console (>= 3.3.0)
  webmock (~> 3.8)
  yard (~> 0.9, >= 0.9.20)

RUBY VERSION
   ruby 2.7.0p0

BUNDLED WITH
   2.1.2
